GEM
  remote: https://rubygems.org/
  specs:
    dotenv (3.1.2)
    faraday (2.11.0)
      faraday-net_http (>= 2.0, < 3.4)
      logger
    faraday-net_http (3.3.0)
      net-http
    logger (1.6.0)
    net-http (0.4.1)
      uri
    uri (0.13.0)

PLATFORMS
  arm64-darwin-21
  ruby

DEPENDENCIES
  dotenv
  faraday

BUNDLED WITH
   2.5.9
