GEM
  remote: https://rubygems.org/
  specs:
    coderay (1.1.3)
    date (3.3.3)
    faraday (2.7.3)
      faraday-net_http (>= 2.0, < 3.1)
      ruby2_keywords (>= 0.0.4)
    faraday-net_http (3.0.2)
    json (2.6.3)
    logger (1.5.3)
    method_source (1.0.0)
    pry (0.14.2)
      coderay (~> 1.1)
      method_source (~> 1.0)
    pry-nav (1.0.0)
      pry (>= 0.9.10, < 0.15)
    rake (13.0.6)
    require_all (3.0.0)
    ruby2_keywords (0.0.5)
    uri (0.12.0)

PLATFORMS
  x86_64-linux

DEPENDENCIES
  date
  faraday
  json
  logger
  pry
  pry-nav
  rake
  require_all
  uri

BUNDLED WITH
   2.3.25
